PATH
  remote: .
  specs:
    food_trucks (0.1.0)
      nokogiri

GEM
  remote: https://rubygems.org/
  specs:
    coderay (1.1.3)
    colorize (0.8.1)
    lolize (0.0.3)
      paint (~> 0.8.3)
    method_source (1.0.0)
    mini_portile2 (2.4.0)
    nokogiri (1.10.9)
      mini_portile2 (~> 2.4.0)
    paint (0.8.7)
    pry (0.13.1)
      coderay (~> 1.1)
      method_source (~> 1.0)
    rake (10.5.0)

PLATFORMS
  ruby

DEPENDENCIES
  bundler (~> 2.0)
  colorize (~> 0.8.1)
  food_trucks!
  lolize (~> 0.0.3)
  pry
  rake (~> 10.0)

BUNDLED WITH
   2.0.1
